PATH
  remote: .
  specs:
    fluent-diagtool (1.0.4)
      fileutils
      json

GEM
  remote: https://rubygems.org/
  specs:
    diff-lcs (1.5.1)
    fileutils (1.7.2)
    json (2.7.1)
    rake (12.3.3)
    rspec (3.13.0)
      rspec-core (~> 3.13.0)
      rspec-expectations (~> 3.13.0)
      rspec-mocks (~> 3.13.0)
    rspec-core (3.13.0)
      rspec-support (~> 3.13.0)
    rspec-expectations (3.13.0)
      diff-lcs (>= 1.2.0, < 2.0)
      rspec-support (~> 3.13.0)
    rspec-mocks (3.13.0)
      diff-lcs (>= 1.2.0, < 2.0)
      rspec-support (~> 3.13.0)
    rspec-support (3.13.1)

PLATFORMS
  ruby

DEPENDENCIES
  fluent-diagtool!
  rake (~> 12.0)
  rspec (~> 3.0)

BUNDLED WITH
   2.1.4
